GEM
  remote: https://rubygems.org/
  specs:
    activesupport (4.2.0)
      i18n (~> 0.7)
      json (~> 1.7, >= 1.7.7)
      minitest (~> 5.1)
      thread_safe (~> 0.3, >= 0.3.4)
      tzinfo (~> 1.1)
    byebug (3.5.1)
      columnize (~> 0.8)
      debugger-linecache (~> 1.2)
      slop (~> 3.6)
    clamp (0.6.3)
    coderay (1.1.0)
    columnize (0.9.0)
    dalli (2.7.2)
    debugger-linecache (1.2.0)
    dotenv (1.0.2)
    ethon (0.7.0)
      ffi (>= 1.3.0)
    faraday (0.9.1)
      multipart-post (>= 1.2, < 3)
    faraday-http-cache (0.4.2)
      faraday (~> 0.8)
    faraday_middleware (0.9.1)
      faraday (>= 0.7.4, < 0.10)
    ffi (1.9.6)
    hashie (2.1.2)
    highline (1.6.21)
    i18n (0.7.0)
    json (1.8.2)
    method_source (0.8.2)
    minitest (5.5.1)
    multipart-post (2.0.0)
    naught (1.0.0)
    oj (2.11.4)
    pry (0.10.1)
      coderay (~> 1.1.0)
      method_source (~> 0.8.1)
      slop (~> 3.4)
    pry-byebug (2.0.0)
      byebug (~> 3.4)
      pry (~> 0.10)
    rake (10.4.2)
    slop (3.6.0)
    terminal-table (1.4.5)
    thread_safe (0.3.4)
    typhoeus (0.6.8)
      ethon (>= 0.7.0)
    tzinfo (1.2.2)
      thread_safe (~> 0.1)
    tzinfo-data (1.2015.1)
      tzinfo (>= 1.0.0)

PLATFORMS
  ruby

DEPENDENCIES
  activesupport
  clamp
  dalli
  dotenv
  faraday
  faraday-http-cache
  faraday_middleware
  hashie
  highline
  naught
  oj
  pry
  pry-byebug
  rake
  terminal-table
  typhoeus
  tzinfo
  tzinfo-data
